GIT
  remote: https://github.com/Backelite/xcpretty
  revision: 70668d61562744b3d22a309b1c49a15805f7fa75
  specs:
    xcpretty (0.2.2)
      rouge (~> 1.8)

GEM
  remote: https://rubygems.org/
  specs:
    CFPropertyList (3.0.1)
    activesupport (4.2.11.1)
      i18n (~> 0.7)
      minitest (~> 5.1)
      thread_safe (~> 0.3, >= 0.3.4)
      tzinfo (~> 1.1)
    atomos (0.1.3)
    claide (1.0.3)
    clamp (1.3.1)
    colored2 (3.1.2)
    concurrent-ruby (1.1.5)
    i18n (0.9.5)
      concurrent-ruby (~> 1.0)
    java-properties (0.2.0)
    mini_portile2 (2.4.0)
    minitest (5.11.3)
    nanaimo (0.2.6)
    nokogiri (1.10.4)
      mini_portile2 (~> 2.4.0)
    rouge (1.11.1)
    slather (2.4.7)
      CFPropertyList (>= 2.2, < 4)
      activesupport (>= 4.0.2, < 5)
      clamp (~> 1.3)
      nokogiri (~> 1.8)
      xcodeproj (~> 1.7)
    thread_safe (0.3.6)
    tzinfo (1.2.5)
      thread_safe (~> 0.1)
    xcodeproj (1.12.0)
      CFPropertyList (>= 2.3.3, < 4.0)
      atomos (~> 0.1.3)
      claide (>= 1.0.2, < 2.0)
      colored2 (~> 3.1)
      nanaimo (~> 0.2.6)

PLATFORMS
  ruby

DEPENDENCIES
  java-properties (= 0.2.0)
  slather (= 2.4.7)
  xcpretty (= 0.2.2)!

BUNDLED WITH
   2.0.2
