GEM
  remote: https://rubygems.org/
  specs:
    java-properties (0.2.0)

PLATFORMS
  ruby

DEPENDENCIES
  java-properties (= 0.2.0)

BUNDLED WITH
   2.0.2
